PATH
  remote: .
  specs:
    activerecord-sqlserver-adapter-mirroring (0.1.3)
      activerecord-sqlserver-adapter (~> 4.1)

GEM
  remote: http://rubygems.org/
  specs:
    activemodel (4.1.1)
      activesupport (= 4.1.1)
      builder (~> 3.1)
    activerecord (4.1.1)
      activemodel (= 4.1.1)
      activesupport (= 4.1.1)
      arel (~> 5.0.0)
    activerecord-sqlserver-adapter (4.1.0)
      activerecord (~> 4.1.0)
      arel
    activesupport (4.1.1)
      i18n (~> 0.6, >= 0.6.9)
      json (~> 1.7, >= 1.7.7)
      minitest (~> 5.1)
      thread_safe (~> 0.1)
      tzinfo (~> 1.1)
    arel (5.0.1.20140414130214)
    builder (3.2.2)
    i18n (0.6.9)
    json (1.8.1)
    minitest (5.3.5)
    rake (10.1.0)
    thread_safe (0.3.4)
    tiny_tds (0.5.1)
    tzinfo (1.2.1)
      thread_safe (~> 0.1)

PLATFORMS
  ruby

DEPENDENCIES
  activerecord-sqlserver-adapter-mirroring!
  rake
  tiny_tds
